GEM
  specs:
    dotenv (2.2.2)

PLATFORMS
  ruby

DEPENDENCIES
  dotenv (~> 2.2)

BUNDLED WITH
   1.16.1
